GIT
  remote: https://github.com/ARozputnii/puts_html
  revision: 7bcc0eec9dd69d2ac520c7ca4077c42d53692a7e
  branch: master
  specs:
    puts_html (0.1.0)

GEM
  specs:

PLATFORMS
  ruby

DEPENDENCIES
  puts_html!

BUNDLED WITH
   2.0.2
