GIT
  remote: https://github.com/ARozputnii/puts_html
  revision: 7ad196154dc08c3126424cbb6586af344dcad525
  branch: master
  specs:
    puts_html (0.1.0)

GEM
  specs:

PLATFORMS
  ruby

DEPENDENCIES
  puts_html!

BUNDLED WITH
   2.0.2
